GEM
  remote: https://rubygems.org/
  specs:
    minitest (4.7.0)
    test-unit (2.5.4)

PLATFORMS
  ruby

DEPENDENCIES
  minitest
  test-unit
